GEM
  remote: https://rubygems.org/
  specs:
    get_process_mem (0.2.1)

PLATFORMS
  ruby

DEPENDENCIES
  get_process_mem

BUNDLED WITH
   1.16.1
